GEM
  remote: https://rubygems.org/
  specs:
    alsa-rawmidi (0.4.0)
      ffi (~> 1.15, >= 1.15.5)
    awesome_print (1.9.2)
    byebug (11.1.3)
    coderay (1.1.3)
    ffi (1.15.5)
    ffi-coremidi (0.5.1)
      ffi (~> 1.15, >= 1.15.5)
    hass-client (0.2.0)
    httparty (0.21.0)
      mini_mime (>= 1.0.0)
      multi_xml (>= 0.5.2)
    method_source (1.0.0)
    midi-jruby (0.2.0)
    midi-winmm (0.1.10)
      ffi (>= 1.0)
    mini_mime (1.1.2)
    multi_xml (0.6.0)
    pry (0.14.2)
      coderay (~> 1.1)
      method_source (~> 1.0)
    pry-byebug (3.10.1)
      byebug (~> 11.0)
      pry (>= 0.13, < 0.15)
    unimidi (0.5.1)
      alsa-rawmidi (~> 0.4, >= 0.4.0)
      ffi-coremidi (~> 0.5, >= 0.5.1)
      midi-jruby (~> 0.2, >= 0.2.0)
      midi-winmm (~> 0.1, >= 0.1.10)

PLATFORMS
  arm64-darwin-22
  arm64-darwin-23
  x86_64-darwin-22

DEPENDENCIES
  awesome_print
  hass-client
  httparty
  pry-byebug
  unimidi

BUNDLED WITH
   2.5.6
